GEM
  remote: https://rubygems.org/
  specs:
    activemodel (5.2.3)
      activesupport (= 5.2.3)
    activerecord (5.2.3)
      activemodel (= 5.2.3)
      activesupport (= 5.2.3)
      arel (>= 9.0)
    activesupport (5.2.3)
      concurrent-ruby (~> 1.0, >= 1.0.2)
      i18n (>= 0.7, < 2)
      minitest (~> 5.1)
      tzinfo (~> 1.1)
    addressable (2.7.0)
      public_suffix (>= 2.0.2, < 5.0)
    arel (9.0.0)
    ast (2.4.2)
    bcrypt (3.1.16)
    childprocess (3.0.0)
    concurrent-ruby (1.1.8)
    debase (0.2.5.beta2)
      debase-ruby_core_source (>= 0.10.12)
    debase-ruby_core_source (0.10.12)
    declarative (0.0.20)
    declarative-option (0.1.0)
    faraday (1.3.0)
      faraday-net_http (~> 1.0)
      multipart-post (>= 1.2, < 3)
      ruby2_keywords
    faraday-net_http (1.0.1)
    fastri (0.3.1.1)
    gems (1.2.0)
    google-api-client (0.53.0)
      google-apis-core (~> 0.1)
      google-apis-generator (~> 0.1)
    google-apis-core (0.3.0)
      addressable (~> 2.5, >= 2.5.1)
      googleauth (~> 0.14)
      httpclient (>= 2.8.1, < 3.0)
      mini_mime (~> 1.0)
      representable (~> 3.0)
      retriable (>= 2.0, < 4.0)
      rexml
      signet (~> 0.14)
      webrick
    google-apis-discovery_v1 (0.2.0)
      google-apis-core (~> 0.1)
    google-apis-generator (0.2.0)
      activesupport (>= 5.0)
      gems (~> 1.2)
      google-apis-core (~> 0.1)
      google-apis-discovery_v1 (~> 0.0)
      thor (>= 0.20, < 2.a)
    googleauth (0.16.0)
      faraday (>= 0.17.3, < 2.0)
      jwt (>= 1.4, < 3.0)
      memoist (~> 0.16)
      multi_json (~> 1.11)
      os (>= 0.9, < 2.0)
      signet (~> 0.14)
    httpclient (2.8.3)
    i18n (1.8.9)
      concurrent-ruby (~> 1.0)
    jwt (2.2.2)
    memoist (0.16.2)
    mini_mime (1.0.2)
    mini_portile2 (2.5.0)
    minitest (5.14.4)
    multi_json (1.15.0)
    multipart-post (2.1.1)
    mustermann (1.1.1)
      ruby2_keywords (~> 0.0.1)
    nokogiri (1.11.1)
      mini_portile2 (~> 2.5.0)
      racc (~> 1.4)
    os (1.1.1)
    parallel (1.20.1)
    parser (3.0.0.0)
      ast (~> 2.4.1)
    pg (0.21.0)
    public_suffix (4.0.6)
    racc (1.5.2)
    rack (2.2.3)
    rack-protection (2.1.0)
      rack
    rainbow (3.0.0)
    rake (13.0.3)
    rcodetools (0.8.5.0)
    regexp_parser (2.1.1)
    representable (3.0.4)
      declarative (< 0.1.0)
      declarative-option (< 0.2.0)
      uber (< 0.2.0)
    retriable (3.1.2)
    rexml (3.2.4)
    rubocop (1.11.0)
      parallel (~> 1.10)
      parser (>= 3.0.0.0)
      rainbow (>= 2.2.2, < 4.0)
      regexp_parser (>= 1.8, < 3.0)
      rexml
      rubocop-ast (>= 1.2.0, < 2.0)
      ruby-progressbar (~> 1.7)
      unicode-display_width (>= 1.4.0, < 3.0)
    rubocop-ast (1.4.1)
      parser (>= 2.7.1.5)
    ruby-debug-ide (0.7.2)
      rake (>= 0.8.1)
    ruby-progressbar (1.11.0)
    ruby2_keywords (0.0.4)
    rubyzip (1.3.0)
    selenium-webdriver (3.142.7)
      childprocess (>= 0.5, < 4.0)
      rubyzip (>= 1.2.2)
    signet (0.15.0)
      addressable (~> 2.3)
      faraday (>= 0.17.3, < 2.0)
      jwt (>= 1.5, < 3.0)
      multi_json (~> 1.10)
    sinatra (2.1.0)
      mustermann (~> 1.0)
      rack (~> 2.2)
      rack-protection (= 2.1.0)
      tilt (~> 2.0)
    sinatra-activerecord (2.0.22)
      activerecord (>= 4.1)
      sinatra (>= 1.0)
    sinatra-contrib (2.1.0)
      multi_json
      mustermann (~> 1.0)
      rack-protection (= 2.1.0)
      sinatra (= 2.1.0)
      tilt (~> 2.0)
    sqlite3 (1.4.1)
    thor (1.1.0)
    thread_safe (0.3.6)
    tilt (2.0.10)
    tzinfo (1.2.9)
      thread_safe (~> 0.1)
    uber (0.1.0)
    unicode-display_width (2.0.0)
    webdrivers (4.6.0)
      nokogiri (~> 1.6)
      rubyzip (>= 1.3.0)
      selenium-webdriver (>= 3.0, < 4.0)
    webrick (1.7.0)

PLATFORMS
  ruby

DEPENDENCIES
  activerecord (= 5.2.3)
  bcrypt
  debase
  fastri
  google-api-client
  nokogiri
  pg (= 0.21.0)
  rake
  rcodetools
  rubocop
  ruby-debug-ide
  selenium-webdriver
  sinatra
  sinatra-activerecord
  sinatra-contrib
  sqlite3 (= 1.4.1)
  webdrivers

RUBY VERSION
   ruby 2.6.3p62

BUNDLED WITH
   1.17.3
